GEM
  remote: https://rubygems.org/
  specs:
    daff (1.3.26)

PLATFORMS
  java

DEPENDENCIES
  daff

BUNDLED WITH
   1.15.4
